GEM
  remote: https://rubygems.org/
  specs:
    sorbet (0.4.4811)
      sorbet-static (= 0.4.4811)
    sorbet-static (0.4.4811-universal-darwin-14)

PLATFORMS
  ruby

DEPENDENCIES
  sorbet

BUNDLED WITH
   2.0.1
